GEM
  remote: https://rubygems.org/
  specs:
    actionmailer (4.0.5)
      actionpack (= 4.0.5)
      mail (~> 2.5.4)
    actionpack (4.0.5)
      activesupport (= 4.0.5)
      builder (~> 3.1.0)
      erubis (~> 2.7.0)
      rack (~> 1.5.2)
      rack-test (~> 0.6.2)
    activemodel (4.0.5)
      activesupport (= 4.0.5)
      builder (~> 3.1.0)
    activerecord (4.0.5)
      activemodel (= 4.0.5)
      activerecord-deprecated_finders (~> 1.0.2)
      activesupport (= 4.0.5)
      arel (~> 4.0.0)
    activerecord-deprecated_finders (1.0.3)
    activesupport (4.0.5)
      i18n (~> 0.6, >= 0.6.9)
      minitest (~> 4.2)
      multi_json (~> 1.3)
      thread_safe (~> 0.1)
      tzinfo (~> 0.3.37)
    acts-as-taggable-on (3.0.1)
      rails (>= 3, < 5)
    acts_as_commentable (4.0.1)
    addressable (2.3.5)
    arel (4.0.2)
    awesome_print (1.2.0)
    babosa (0.3.11)
    bcrypt-ruby (3.1.2)
    better_errors (1.1.0)
      coderay (>= 1.0.0)
      erubis (>= 2.6.6)
    binding_of_caller (0.7.2)
      debug_inspector (>= 0.0.1)
    bootstrap-editable-rails (0.0.7)
      railties (>= 3.1)
    bootstrap-sass (3.1.1.1)
      sass (~> 3.2)
    builder (3.1.4)
    bullet (4.11.1)
      activesupport (>= 3.0.0)
      uniform_notifier (>= 1.6.0)
    cancan (1.6.10)
    capybara (2.2.1)
      mime-types (>= 1.16)
      nokogiri (>= 1.3.3)
      rack (>= 1.0.0)
      rack-test (>= 0.5.4)
      xpath (~> 2.0)
    carrierwave (0.9.0)
      activemodel (>= 3.2.0)
      activesupport (>= 3.2.0)
      json (>= 1.7)
    celluloid (0.15.2)
      timers (~> 1.1.0)
    childprocess (0.4.0)
      ffi (~> 1.0, >= 1.0.11)
    code_analyzer (0.4.4)
      sexp_processor
    coderay (1.1.0)
    coffee-rails (4.0.1)
      coffee-script (>= 2.2.0)
      railties (>= 4.0.0, < 5.0)
    coffee-script (2.2.0)
      coffee-script-source
      execjs
    coffee-script-source (1.6.3)
    colored (1.2)
    country_select (1.2.0)
    coveralls (0.7.0)
      multi_json (~> 1.3)
      rest-client
      simplecov (>= 0.7)
      term-ansicolor
      thor
    cssminify (1.0.2)
    cucumber (1.3.16)
      builder (>= 2.1.2)
      diff-lcs (>= 1.1.3)
      gherkin (~> 2.12)
      multi_json (>= 1.7.5, < 2.0)
      multi_test (>= 0.1.1)
    daemons (1.1.9)
    database_cleaner (1.2.0)
    debug_inspector (0.0.2)
    delayed_job (4.0.0)
      activesupport (>= 3.0, < 4.1)
    delayed_job_active_record (4.0.0)
      activerecord (>= 3.0, < 4.1)
      delayed_job (>= 3.0, < 4.1)
    devise (3.2.2)
      bcrypt-ruby (~> 3.0)
      orm_adapter (~> 0.1)
      railties (>= 3.2.6, < 5)
      thread_safe (~> 0.1)
      warden (~> 1.2.3)
    devise-russian (2.0.1.1)
      devise
    diff-lcs (1.2.5)
    docile (1.1.2)
    dotenv (0.9.0)
    email_spec (1.5.0)
      launchy (~> 2.1)
      mail (~> 2.2)
    erubis (2.7.0)
    excon (0.13.4)
    execjs (2.0.2)
    factory_girl (4.3.0)
      activesupport (>= 3.0.0)
    factory_girl_rails (4.3.0)
      factory_girl (~> 4.3.0)
      railties (>= 3.0.0)
    ffi (1.9.3)
    figaro (0.7.0)
      bundler (~> 1.0)
      rails (>= 3, < 5)
    flexslider (2.2.0)
      sass-rails (>= 3.1.0)
    fog (1.3.1)
      builder
      excon (~> 0.13.0)
      formatador (~> 0.2.0)
      mime-types
      multi_json (~> 1.0)
      net-scp (~> 1.0.4)
      net-ssh (>= 2.1.3)
      nokogiri (~> 1.5.0)
      ruby-hmac
    foreman (0.63.0)
      dotenv (>= 0.7)
      thor (>= 0.13.6)
    formatador (0.2.4)
    fotoramajs (4.4.9)
      sprockets (>= 2)
    friendly_id (5.0.3)
      activerecord (>= 4.0.0)
    gherkin (2.12.2)
      multi_json (~> 1.3)
    goldiloader (0.0.4)
      activerecord (>= 3.2, <= 4.1)
      activesupport (>= 3.2, <= 4.1)
    gretel (3.0.5)
      rails (>= 3.2.0)
    guard (2.3.0)
      formatador (>= 0.2.4)
      listen (~> 2.1)
      lumberjack (~> 1.0)
      pry (>= 0.9.12)
      thor (>= 0.18.1)
    guard-bundler (2.0.0)
      bundler (~> 1.0)
      guard (~> 2.2)
    guard-cucumber (1.4.1)
      cucumber (>= 1.2.0)
      guard (>= 1.1.0)
    guard-rails (0.4.7)
      guard (>= 0.2.2)
    guard-rspec (4.2.4)
      guard (~> 2.1)
      rspec (>= 2.14, < 4.0)
    hike (1.2.3)
    hub (1.11.1)
    i18n (0.6.9)
    jbuilder (1.5.3)
      activesupport (>= 3.0.0)
      multi_json (>= 1.2.0)
    jquery-rails (3.0.4)
      railties (>= 3.0, < 5.0)
      thor (>= 0.14, < 2.0)
    jquery-turbolinks (2.0.1)
      railties (>= 3.1.0)
      turbolinks
    jquery-ui-rails (4.1.1)
      railties (>= 3.1.0)
    json (1.8.1)
    launchy (2.4.2)
      addressable (~> 2.3)
    libv8 (3.16.14.3)
    listen (2.4.0)
      celluloid (>= 0.15.2)
      rb-fsevent (>= 0.9.3)
      rb-inotify (>= 0.9)
    lumberjack (1.0.4)
    mail (2.5.4)
      mime-types (~> 1.16)
      treetop (~> 1.4.8)
    method_source (0.8.2)
    mime-types (1.25.1)
    mini_magick (3.7.0)
      subexec (~> 0.2.1)
    minitest (4.7.5)
    multi_json (1.10.1)
    multi_test (0.1.1)
    mysql2 (0.3.15)
    net-scp (1.0.4)
      net-ssh (>= 1.99.1)
    net-ssh (2.7.0)
    newrelic_rpm (3.7.1.182)
    nokogiri (1.5.11)
    orm_adapter (0.5.0)
    polyglot (0.3.5)
    pry (0.9.12.4)
      coderay (~> 1.0)
      method_source (~> 0.8)
      slop (~> 3.4)
    puma (2.7.1)
      rack (>= 1.1, < 2.0)
    quiet_assets (1.0.2)
      railties (>= 3.1, < 5.0)
    rack (1.5.2)
    rack-test (0.6.2)
      rack (>= 1.0)
    railroady (1.1.1)
    rails (4.0.5)
      actionmailer (= 4.0.5)
      actionpack (= 4.0.5)
      activerecord (= 4.0.5)
      activesupport (= 4.0.5)
      bundler (>= 1.3.0, < 2.0)
      railties (= 4.0.5)
      sprockets-rails (~> 2.0.0)
    rails_best_practices (1.14.4)
      activesupport
      awesome_print
      code_analyzer (>= 0.4.3)
      colored
      erubis
      i18n
      require_all
      ruby-progressbar
    railties (4.0.5)
      actionpack (= 4.0.5)
      activesupport (= 4.0.5)
      rake (>= 0.8.7)
      thor (>= 0.18.1, < 2.0)
    rake (10.3.2)
    rb-fchange (0.0.6)
      ffi
    rb-fsevent (0.9.4)
    rb-inotify (0.9.3)
      ffi (>= 0.5.0)
    redactor-rails (0.4.3)
      devise
      mime-types
      orm_adapter
    ref (1.0.5)
    require_all (1.3.2)
    rest-client (1.6.7)
      mime-types (>= 1.16)
    rmagick (2.13.2)
    rolify (3.3.0.rc4)
    rspec (2.14.1)
      rspec-core (~> 2.14.0)
      rspec-expectations (~> 2.14.0)
      rspec-mocks (~> 2.14.0)
    rspec-core (2.14.7)
    rspec-expectations (2.14.4)
      diff-lcs (>= 1.1.3, < 2.0)
    rspec-mocks (2.14.4)
    rspec-rails (2.14.1)
      actionpack (>= 3.0)
      activemodel (>= 3.0)
      activesupport (>= 3.0)
      railties (>= 3.0)
      rspec-core (~> 2.14.0)
      rspec-expectations (~> 2.14.0)
      rspec-mocks (~> 2.14.0)
    ruby-hmac (0.4.0)
    ruby-progressbar (1.4.0)
    rubyzip (1.1.0)
    russian (0.6.0)
      i18n (>= 0.5.0)
    sanitize (2.1.0)
      nokogiri (>= 1.4.4)
    sass (3.2.13)
    sass-rails (4.0.1)
      railties (>= 4.0.0, < 5.0)
      sass (>= 3.1.10)
      sprockets-rails (~> 2.0.0)
    selenium-webdriver (2.39.0)
      childprocess (>= 0.2.5)
      multi_json (~> 1.0)
      rubyzip (~> 1.0)
      websocket (~> 1.0.4)
    sexp_processor (4.4.1)
    simple_form (3.0.1)
      actionpack (>= 4.0.0, < 4.1)
      activemodel (>= 4.0.0, < 4.1)
    simplecov (0.8.2)
      docile (~> 1.1.0)
      multi_json
      simplecov-html (~> 0.8.0)
    simplecov-html (0.8.0)
    slop (3.4.7)
    sprockets (2.11.0)
      hike (~> 1.2)
      multi_json (~> 1.0)
      rack (~> 1.0)
      tilt (~> 1.1, != 1.3.0)
    sprockets-rails (2.0.1)
      actionpack (>= 3.0)
      activesupport (>= 3.0)
      sprockets (~> 2.8)
    subexec (0.2.3)
    term-ansicolor (1.2.2)
      tins (~> 0.8)
    therubyracer (0.12.1)
      libv8 (~> 3.16.14.0)
      ref
    thor (0.19.1)
    thread_safe (0.3.4)
    tilt (1.4.1)
    timers (1.1.0)
    tins (0.13.1)
    treetop (1.4.15)
      polyglot
      polyglot (>= 0.3.1)
    turbolinks (2.2.0)
      coffee-rails
    tzinfo (0.3.39)
    uglifier (2.4.0)
      execjs (>= 0.3.0)
      json (>= 1.8.0)
    uniform_notifier (1.6.2)
    warden (1.2.3)
      rack (>= 1.0)
    websocket (1.0.7)
    will_paginate (3.0.5)
    will_paginate-bootstrap (1.0.0)
      will_paginate (>= 3.0.3)
    xpath (2.0.0)
      nokogiri (~> 1.3)
    yui-compressor (0.12.0)
    zeus (0.15.1)
      method_source (>= 0.6.7)

PLATFORMS
  ruby

DEPENDENCIES
  acts-as-taggable-on
  acts_as_commentable
  awesome_print
  babosa
  better_errors
  binding_of_caller
  bootstrap-editable-rails
  bootstrap-sass (~> 3.1.1)
  bullet
  cancan
  capybara
  carrierwave
  coffee-rails (~> 4.0.0)
  country_select
  coveralls
  cssminify
  daemons
  database_cleaner
  delayed_job_active_record
  devise
  devise-russian
  email_spec
  factory_girl_rails
  figaro
  flexslider
  fog (~> 1.3.1)
  foreman
  fotoramajs
  friendly_id (~> 5.0.0)
  goldiloader
  gretel
  guard-bundler
  guard-cucumber
  guard-rails
  guard-rspec
  hub
  jbuilder (~> 1.2)
  jquery-rails
  jquery-turbolinks
  jquery-ui-rails
  launchy
  mini_magick
  mysql2
  newrelic_rpm
  pry
  puma
  quiet_assets
  railroady
  rails (= 4.0.5)
  rails_best_practices
  rb-fchange
  rb-fsevent
  rb-inotify
  redactor-rails
  rmagick
  rolify (~> 3.3.0.rc4)
  rspec-rails
  russian
  sanitize
  sass-rails (~> 4.0.0)
  selenium-webdriver
  simple_form (>= 3.0.0.rc)
  simplecov
  sprockets (<= 2.11.0)
  therubyracer
  turbolinks
  uglifier (>= 1.3.0)
  will_paginate
  will_paginate-bootstrap
  yui-compressor
  zeus
